GIT
  remote: http://github.com/ronin-ruby/ronin-gen.git
  revision: b3eaccc0dbffd0e405a6338a562cb61eaa5865a0
  specs:
    ronin-gen (0.3.0)
      data_paths (~> 0.2.1)
      open_namespace (~> 0.3.0)
      ronin (~> 0.4.0)
      ronin-support (~> 0.1.0)
      thor (~> 0.14.0)

GIT
  remote: http://github.com/ronin-ruby/ronin-support.git
  revision: 7754af58fcc4fd4d086b8874cf846a332a8e0a7c
  specs:
    ronin-support (0.1.0)
      chars (~> 0.1.2)
      data_paths (~> 0.2.1)
      uri-query_params (~> 0.4.0)

GIT
  remote: http://github.com/ronin-ruby/ronin.git
  revision: 397c06b32b322152e2d5050dc80b954062938a11
  specs:
    ronin (0.4.0)
      activesupport (~> 3.0.0)
      contextify (~> 0.1.6)
      data_paths (~> 0.2.1)
      dm-aggregates (~> 1.0.1)
      dm-constraints (~> 1.0.1)
      dm-core (~> 1.0.1)
      dm-do-adapter (~> 1.0.1)
      dm-is-predefined (~> 0.3.0)
      dm-migrations (~> 1.0.1)
      dm-sqlite-adapter (~> 1.0.1)
      dm-tags (~> 1.0.1)
      dm-timestamps (~> 1.0.1)
      dm-types (~> 1.0.1)
      dm-validations (~> 1.0.1)
      nokogiri (~> 1.4.1)
      open_namespace (~> 0.3.0)
      parameters (~> 0.2.2)
      pullr (~> 0.1.2)
      ronin-support (~> 0.1.0)
      thor (~> 0.14.0)
      tzinfo (~> 0.3.22)
      uri-query_params (~> 0.4.0)

GIT
  remote: http://github.com/sophsec/ffi-udis86.git
  revision: d13837130a6b585bef4fc08fbe1dd3f25f8245fd
  specs:
    ffi-udis86 (0.1.0)
      ffi (~> 0.6.0)

GEM
  remote: https://rubygems.org/
  specs:
    activesupport (3.0.0)
    addressable (2.2.0)
    chars (0.1.2)
      yard (>= 0.2.3.5)
    contextify (0.1.6)
    data_objects (0.10.2)
      addressable (~> 2.1)
    data_paths (0.2.1)
    diff-lcs (1.1.2)
    dm-aggregates (1.0.2)
      dm-core (~> 1.0.2)
    dm-constraints (1.0.2)
      dm-core (~> 1.0.2)
      dm-migrations (~> 1.0.2)
    dm-core (1.0.2)
      addressable (~> 2.2)
      extlib (~> 0.9.15)
    dm-do-adapter (1.0.2)
      data_objects (~> 0.10.2)
      dm-core (~> 1.0.2)
    dm-is-predefined (0.3.0)
      activesupport (~> 3.0.0.beta3)
      dm-core (~> 1.0.0)
    dm-migrations (1.0.2)
      dm-core (~> 1.0.2)
    dm-sqlite-adapter (1.0.2)
      dm-do-adapter (~> 1.0.2)
      do_sqlite3 (~> 0.10.2)
    dm-tags (1.0.2)
      dm-core (~> 1.0.2)
    dm-timestamps (1.0.2)
      dm-core (~> 1.0.2)
    dm-types (1.0.2)
      dm-core (~> 1.0.2)
      fastercsv (~> 1.5.3)
      json_pure (~> 1.4)
      stringex (~> 1.1.0)
      uuidtools (~> 2.1.1)
    dm-validations (1.0.2)
      dm-core (~> 1.0.2)
    do_sqlite3 (0.10.2)
      data_objects (= 0.10.2)
    extlib (0.9.15)
    fastercsv (1.5.3)
    ffi (0.6.3)
      rake (>= 0.8.7)
    git (1.2.5)
    jeweler (1.5.0.pre3)
      bundler (~> 1.0.0)
      git (>= 1.2.5)
      rake
    json_pure (1.4.6)
    nokogiri (1.4.3.1)
    open_namespace (0.3.0)
    parameters (0.2.2)
    pullr (0.1.3)
      addressable (>= 2.1.1)
    rake (0.8.7)
    rdiscount (1.6.5)
    rprogram (0.1.8)
    rspec (2.0.0.beta.20)
      rspec-core (= 2.0.0.beta.20)
      rspec-expectations (= 2.0.0.beta.20)
      rspec-mocks (= 2.0.0.beta.20)
    rspec-core (2.0.0.beta.20)
    rspec-expectations (2.0.0.beta.20)
      diff-lcs (>= 1.1.2)
    rspec-mocks (2.0.0.beta.20)
    ruby-yasm (0.1.1)
      rprogram (~> 0.1.8)
    stringex (1.1.0)
    thor (0.14.0)
    tzinfo (0.3.23)
    uri-query_params (0.4.0)
    uuidtools (2.1.1)
    yard (0.6.1)

PLATFORMS
  ruby

DEPENDENCIES
  data_paths (~> 0.2.1)
  ffi-udis86 (~> 0.1.0)!
  jeweler (~> 1.5.0.pre)
  rake (~> 0.8.7)
  rdiscount (~> 1.6.3)
  ronin (~> 0.4.0)!
  ronin-gen (~> 0.3.0)!
  ronin-support (~> 0.1.0)!
  rspec (~> 2.0.0.beta.20)
  ruby-yasm (~> 0.1.1)
  yard (~> 0.6.0)
